GIT
  remote: git://github.com/koppen/hassle.git
  revision: 97512c65f4c6fa34a4d4e284c416e8e6ebecbd44
  specs:
    hassle (0.0.1)
      haml
      rack

GIT
  remote: http://github.com/rafd/cocoon.git
  revision: 1fa4abe4a2181db3f0884957ebe67c30937acf40
  specs:
    cocoon (1.0.0)

GIT
  remote: http://github.com/rafd/formtastic.git
  revision: 2ff38c3478baee0708d02cd626ca0541744bf62a
  specs:
    formtastic (1.2.3)
      actionpack (>= 2.3.7)
      activesupport (>= 2.3.7)
      i18n (~> 0.4)

GIT
  remote: http://github.com/rafd/sunspot_mongoid.git
  revision: b315b7abb8fa03cd1c3373daa69919cdac154c87
  specs:
    sunspot_mongoid (0.3.2)
      mongoid
      sunspot (>= 1.1.0)
      sunspot_rails (>= 1.1.0)

GEM
  remote: http://rubygems.org/
  specs:
    abstract (1.0.0)
    actionmailer (3.0.3)
      actionpack (= 3.0.3)
      mail (~> 2.2.9)
    actionpack (3.0.3)
      activemodel (= 3.0.3)
      activesupport (= 3.0.3)
      builder (~> 2.1.2)
      erubis (~> 2.6.6)
      i18n (~> 0.4)
      rack (~> 1.2.1)
      rack-mount (~> 0.6.13)
      rack-test (~> 0.5.6)
      tzinfo (~> 0.3.23)
    activemodel (3.0.3)
      activesupport (= 3.0.3)
      builder (~> 2.1.2)
      i18n (~> 0.4)
    activerecord (3.0.3)
      activemodel (= 3.0.3)
      activesupport (= 3.0.3)
      arel (~> 2.0.2)
      tzinfo (~> 0.3.23)
    activeresource (3.0.3)
      activemodel (= 3.0.3)
      activesupport (= 3.0.3)
    activesupport (3.0.3)
    amazon-ecs (1.2.0)
      hpricot (>= 0.4)
      ruby-hmac (>= 0.3.2)
    arel (2.0.7)
    bcrypt-ruby (2.1.4)
    bcrypt-ruby (2.1.4-x86-mingw32)
    bson (1.2.0)
    bson_ext (1.2.0)
    builder (2.1.2)
    cancan (1.5.1)
    carrierwave (0.5.2)
      activesupport (~> 3.0)
    client_side_validations (3.0.4)
      activesupport (~> 3.0.0)
    colorize (0.5.8)
    compass (0.10.6)
      haml (>= 3.0.4)
    devise (1.1.2)
      bcrypt-ruby (~> 2.1.2)
      warden (~> 0.10.7)
    diff-lcs (1.1.2)
    erubis (2.6.6)
      abstract (>= 1.0.0)
    escape (0.0.4)
    excon (0.5.6)
    flash_cookie_session (1.1.0)
      rails (~> 3.0)
    fog (0.5.3)
      builder
      excon (>= 0.5.2)
      formatador (>= 0.0.16)
      json
      mime-types
      net-ssh (>= 2.0.23)
      nokogiri (>= 1.4.4)
      ruby-hmac
    formatador (0.0.16)
    haml (3.0.22)
    hashie (1.0.0)
    hpricot (0.8.3)
    httpclient (2.1.6.1)
    i18n (0.5.0)
    json (1.5.1)
    log4r-color (1.2)
      colorize
      scribe
    logging_assist (0.2.1)
      colorize (~> 0.5.8)
      log4r-color (>= 1.2)
      require_all (~> 1.2.0)
      sugar-high (~> 0.3.0)
    mail (2.2.15)
      activesupport (>= 2.3.6)
      i18n (>= 0.4.0)
      mime-types (~> 1.16)
      treetop (~> 1.4.8)
    migration_assist (0.1.8)
      rails (>= 3.0.1)
      require_all (~> 1.2.0)
    mime-types (1.16)
    mocha (0.9.10)
      rake
    mongo (1.2.0)
      bson (>= 1.2.0)
    mongoid (2.0.0)
      activemodel (~> 3.0)
      mongo (~> 1.2)
      tzinfo (~> 0.3.22)
      will_paginate (~> 3.0.pre)
    net-ssh (2.1.0)
    nokogiri (1.4.4)
    nokogiri (1.4.4-x86-mingw32)
    polyglot (0.3.1)
    pr_geohash (1.0.0)
    rack (1.2.1)
    rack-mount (0.6.13)
      rack (>= 1.0.0)
    rack-test (0.5.7)
      rack (>= 1.0)
    rails (3.0.3)
      actionmailer (= 3.0.3)
      actionpack (= 3.0.3)
      activerecord (= 3.0.3)
      activeresource (= 3.0.3)
      activesupport (= 3.0.3)
      bundler (~> 1.0)
      railties (= 3.0.3)
    rails3-generators (0.17.2)
      railties (>= 3.0.0)
    rails3_artifactor (0.3.2)
      migration_assist (~> 0.1.4)
      rails3_assist (~> 0.3.0)
      require_all (~> 1.2.0)
      rspec (>= 2.0.0)
      sugar-high (~> 0.3.0)
    rails3_assist (0.3.7)
      activesupport (>= 3.0)
      migration_assist (~> 0.1.7)
      require_all (~> 1.2.0)
      sugar-high (~> 0.3.0)
      thor (>= 0.14.0)
    railties (3.0.3)
      actionpack (= 3.0.3)
      activesupport (= 3.0.3)
      rake (>= 0.8.7)
      thor (~> 0.14.4)
    rake (0.8.7)
    require_all (1.2.0)
    rest-client (1.6.3)
      mime-types (>= 1.16)
    roles_generic (0.3.7.2)
      activesupport (>= 3.0.1)
      activesupport (>= 3.0.1)
      logging_assist (>= 0.2.0)
      logging_assist (>= 0.2.0)
      rails3_artifactor (~> 0.3.2)
      rails3_artifactor (~> 0.3.2)
      require_all (~> 1.2.0)
      require_all (~> 1.2.0)
      sugar-high (~> 0.3.1)
      sugar-high (~> 0.3.1)
    roles_mongoid (0.4.5)
      activesupport (~> 3.0.3)
      bson (>= 1.1.5)
      bson (>= 1.1.5)
      logging_assist (>= 0.2.1)
      logging_assist (>= 0.2.1)
      mongoid (~> 2.0.0.rc.5)
      mongoid (~> 2.0.0.rc.5)
      rails3_artifactor (>= 0.3.1)
      require_all (~> 1.2.0)
      require_all (~> 1.2.0)
      roles_generic (>= 0.3.6)
      roles_generic (>= 0.3.6)
      sugar-high (>= 0.3.5)
      sugar-high (~> 0.3.5)
    rsolr (0.12.1)
      builder (>= 2.1.2)
    rspec (2.4.0)
      rspec-core (~> 2.4.0)
      rspec-expectations (~> 2.4.0)
      rspec-mocks (~> 2.4.0)
    rspec-core (2.4.0)
    rspec-expectations (2.4.0)
      diff-lcs (~> 1.1.2)
    rspec-mocks (2.4.0)
    ruby-hmac (0.4.0)
    ruby_parser (2.0.5)
      sexp_processor (~> 3.0)
    rubytree (0.8.1)
    scribe (0.2.2)
      rake
      thrift_client
    sequel (3.20.0)
    sexp_processor (3.0.5)
    sinatra (1.0)
      rack (>= 1.0)
    sqlite3 (1.3.4)
    sqlite3-ruby (1.3.3)
      sqlite3 (>= 1.3.3)
    sugar-high (0.3.5)
      mocha (>= 0.9.8)
      require_all (~> 1.2.0)
    sunspot (1.2.1)
      escape (= 0.0.4)
      pr_geohash (~> 1.0)
      rsolr (= 0.12.1)
    sunspot_rails (1.2.1)
      nokogiri
      sunspot (= 1.2.1)
    taps (0.3.23)
      rack (>= 1.0.1)
      rest-client (< 1.7.0, >= 1.4.0)
      sequel (~> 3.20.0)
      sinatra (~> 1.0.0)
      sqlite3-ruby (~> 1.2)
    thor (0.14.6)
    thrift (0.5.0)
    thrift_client (0.6.0)
      thrift (~> 0.5.0)
    treetop (1.4.9)
      polyglot (>= 0.3.1)
    tzinfo (0.3.24)
    warden (0.10.7)
      rack (>= 1.0.0)
    will_paginate (3.0.pre4)

PLATFORMS
  ruby
  x86-mingw32

DEPENDENCIES
  amazon-ecs
  bson_ext (= 1.2.0)
  cancan (>= 1.5.1)
  carrierwave
  client_side_validations
  cocoon!
  compass (>= 0.10.2)
  devise (>= 1.1.2)
  flash_cookie_session
  fog
  formtastic!
  haml (>= 3.0.22)
  hashie
  hassle!
  hpricot (>= 0.8.3)
  httpclient
  json
  mongo (>= 1.2.0)
  mongoid
  nokogiri (= 1.4.4)
  rails (>= 3.0.3)
  rails3-generators
  roles_generic (>= 0.3.7)
  roles_mongoid (>= 0.4.5)
  ruby_parser
  rubytree
  sunspot_mongoid!
  sunspot_rails
  taps
